PATH
  remote: .
  specs:
    god_tools (0.0.0)
      hashie (~> 3.4.1)
      httparty (~> 0.13.3)

GEM
  remote: https://rubygems.org/
  specs:
    addressable (2.3.8)
    binding.repl (3.0.0)
    binding_of_caller (0.7.2)
      debug_inspector (>= 0.0.1)
    bond (0.5.1)
    cd (1.0.0)
    clipboard (1.0.6)
    code (0.9.0)
      coderay (~> 1.1)
      method_source (~> 0.8, >= 0.8.2)
    coderay (1.1.0)
    crack (0.4.2)
      safe_yaml (~> 1.0.0)
    debug_inspector (0.0.2)
    debugging (1.1.0)
      binding.repl (~> 3.0)
      paint (>= 0.9, < 2.0)
    did_you_mean (0.9.7)
      interception
    every_day_irb (2.0.0)
      cd (~> 1.0)
    fancy_irb (1.0.0)
      paint (>= 0.9, < 2.0)
      unicode-display_width (>= 0.2.0)
    ffi (1.9.8)
    g (1.7.2)
    hashie (3.4.1)
    hirb (0.7.3)
    httparty (0.13.3)
      json (~> 1.8)
      multi_xml (>= 0.5.2)
    instance (0.2.0)
    interactive_editor (0.0.10)
      spoon (>= 0.0.1)
    interception (0.5)
    irbtools (2.0.0)
      binding.repl (~> 3.0)
      clipboard (~> 1.0, >= 1.0.6)
      code (~> 0.9)
      coderay (~> 1.1)
      debugging (~> 1.1)
      every_day_irb (~> 2.0)
      fancy_irb (~> 1.0)
      g (~> 1.7, >= 1.7.2)
      hirb (~> 0.7, >= 0.7.3)
      instance (~> 0.2)
      interactive_editor (~> 0.0, >= 0.0.10)
      method_locator (~> 0.0, >= 0.0.4)
      methodfinder (~> 2.0)
      ori (~> 0.1.0)
      os (~> 0.9)
      paint (>= 0.9, < 2.0)
      ruby_engine (~> 1.0)
      ruby_info (~> 1.0)
      ruby_version (~> 1.0)
      wirb (~> 2.0)
    irbtools-more (2.0.0)
      binding_of_caller (~> 0.7)
      bond (~> 0.5)
      did_you_mean (~> 0.9, >= 0.9.6)
      irbtools (~> 2.0)
      looksee (~> 3.1)
    json (1.8.2)
    looksee (3.1.0)
    method_locator (0.0.4)
    method_source (0.8.2)
    methodfinder (2.0.0)
    minitest (5.5.1)
    multi_xml (0.5.5)
    ori (0.1.0)
    os (0.9.6)
    paint (1.0.0)
    ruby_engine (1.0.1)
    ruby_info (1.0.1)
    ruby_version (1.0.1)
    safe_yaml (1.0.4)
    spoon (0.0.4)
      ffi
    terminal-notifier (1.6.3)
    unicode-display_width (0.2.0)
    webmock (1.21.0)
      addressable (>= 2.3.6)
      crack (>= 0.3.2)
    wirb (2.0.0)
      paint (>= 0.9, < 2.0)

PLATFORMS
  ruby

DEPENDENCIES
  god_tools!
  irbtools (~> 2.0.0)
  irbtools-more (~> 2.0.0)
  minitest (~> 5.5.1)
  terminal-notifier (~> 1.6.3)
  webmock (~> 1.21.0)
